GEM
  specs:
    sass (3.4.3)

PLATFORMS
  ruby

DEPENDENCIES
  sass
